GEM
  remote: https://rubygems.org/
  specs:
    coderay (1.1.2)
    event_emitter (0.2.6)
    eventmachine (1.2.5)
    faraday (0.14.0)
      multipart-post (>= 1.2, < 3)
    faye-websocket (0.10.7)
      eventmachine (>= 0.12.0)
      websocket-driver (>= 0.5.1)
    jwt (1.5.6)
    libxml-ruby (3.1.0)
    method_source (0.9.0)
    multipart-post (2.0.0)
    mustermann (1.0.2)
    pry (0.11.3)
      coderay (~> 1.1.0)
      method_source (~> 0.9.0)
    puma (3.4.0)
    rack (2.0.4)
    rack-protection (2.0.1)
      rack
    sinatra (2.0.1)
      mustermann (~> 1.0)
      rack (~> 2.0)
      rack-protection (= 2.0.1)
      tilt (~> 2.0)
    tilt (2.0.8)
    twilio-ruby (5.4.5)
      faraday (~> 0.9)
      jwt (~> 1.5)
      libxml-ruby (>= 2.0, < 4.0)
    websocket (1.2.5)
    websocket-client-simple (0.3.0)
      event_emitter
      websocket
    websocket-driver (0.7.0)
      websocket-extensions (>= 0.1.0)
    websocket-extensions (0.1.3)

PLATFORMS
  ruby

DEPENDENCIES
  faye-websocket (~> 0.10.7)
  pry
  puma (~> 3.4.0)
  sinatra
  twilio-ruby (~> 5.4.4)
  websocket-client-simple

RUBY VERSION
   ruby 2.2.6p396

BUNDLED WITH
   1.15.4
